GIT
  remote: git://github.com/NYULibraries/nyulibraries_assets.git
  revision: 1994439f56a8d8f6a54e53ecbb8dc01cd7fc9213
  tag: v1.1.9
  specs:
    nyulibraries_assets (1.1.9)
      bootstrap-sass (>= 2.2.0, < 2.3.1.1)
      compass (~> 0.12.2)
      institutions (~> 0.0.5)
      rake (~> 10.0.2)

GIT
  remote: git://github.com/NYULibraries/rake_nyu.git
  revision: 7cf4dcf8071555279a78b568b748f892397c2b98
  specs:
    rake_nyu (1.0.0)
      cap_git_tools (~> 0.9.1)
      capistrano (~> 2.15.5)
      capistrano-tagging (~> 0.1.0)
      git (~> 1.2.5)
      mail (~> 2.5.4)
      octokit (~> 1.25.0)
      rails (~> 3.2.13)
      rails_config (~> 0.3.2)
      rake (~> 10.0.4)
      require_all (~> 1.2.1)
      rvm-capistrano (~> 1.4.0)

GEM
  remote: https://rubygems.org/
  specs:
    POpen4 (0.1.4)
      Platform (>= 0.4.0)
      open4
    Platform (0.4.0)
    actionmailer (3.2.13)
      actionpack (= 3.2.13)
      mail (~> 2.5.3)
    actionpack (3.2.13)
      activemodel (= 3.2.13)
      activesupport (= 3.2.13)
      builder (~> 3.0.0)
      erubis (~> 2.7.0)
      journey (~> 1.0.4)
      rack (~> 1.4.5)
      rack-cache (~> 1.2)
      rack-test (~> 0.6.1)
      sprockets (~> 2.2.1)
    activemodel (3.2.13)
      activesupport (= 3.2.13)
      builder (~> 3.0.0)
    activerecord (3.2.13)
      activemodel (= 3.2.13)
      activesupport (= 3.2.13)
      arel (~> 3.0.2)
      tzinfo (~> 0.3.29)
    activeresource (3.2.13)
      activemodel (= 3.2.13)
      activesupport (= 3.2.13)
    activesupport (3.2.13)
      i18n (= 0.6.1)
      multi_json (~> 1.0)
    acts-as-taggable-on (2.4.1)
      rails (>= 3, < 5)
    addressable (2.3.5)
    arel (3.0.2)
    authlogic (3.1.3)
      activerecord (>= 3.0.0)
      activesupport (>= 3.0.0)
    authpds (0.2.8)
      authlogic (~> 3.1.3)
      institutions (~> 0.0.4)
      nokogiri (~> 1.5.3)
      require_all (~> 1.2.1)
    authpds-nyu (0.2.12)
      authpds (~> 0.2.8)
      exlibris-aleph (~> 1.0.4)
      require_all (~> 1.2.1)
    better_errors (0.9.0)
      coderay (>= 1.0.0)
      erubis (>= 2.6.6)
    binding_of_caller (0.7.2)
      debug_inspector (>= 0.0.1)
    blacklight (4.2.2)
      bootstrap-sass (>= 2.2.0, < 2.4)
      kaminari (~> 0.13)
      marc (>= 0.4.3, < 1.1)
      nokogiri (~> 1.5)
      rails (>= 3.2.6, < 5)
      rsolr (~> 1.0.6)
      sass-rails
    bootstrap-sass (2.3.1.0)
      sass (~> 3.2)
    builder (3.0.4)
    cap_git_tools (0.9.1)
      capistrano (~> 2.0)
    capistrano (2.15.5)
      highline
      net-scp (>= 1.0.0)
      net-sftp (>= 2.0.0)
      net-ssh (>= 2.0.14)
      net-ssh-gateway (>= 1.1.0)
    capistrano-tagging (0.1.0)
      capistrano (~> 2.0)
    chunky_png (1.2.8)
    coderay (1.0.9)
    coffee-rails (3.2.2)
      coffee-script (>= 2.2.0)
      railties (~> 3.2.0)
    coffee-script (2.2.0)
      coffee-script-source
      execjs
    coffee-script-source (1.6.3)
    colorize (0.5.8)
    columnize (0.3.6)
    comma (3.0.4)
    compass (0.12.2)
      chunky_png (~> 1.2)
      fssm (>= 0.2.7)
      sass (~> 3.1)
    compass-rails (1.0.3)
      compass (>= 0.12.2, < 0.14)
    compass-susy-plugin (0.9)
      compass (>= 0.11.1)
    coveralls (0.6.7)
      colorize
      multi_json (~> 1.3)
      rest-client
      simplecov (>= 0.7)
      thor
    crack (0.4.0)
      safe_yaml (~> 0.9.0)
    dalli (2.6.4)
    debug_inspector (0.0.2)
    debugger (1.6.1)
      columnize (>= 0.3.1)
      debugger-linecache (~> 1.2.0)
      debugger-ruby_core_source (~> 1.2.3)
    debugger-linecache (1.2.0)
    debugger-ruby_core_source (1.2.3)
    erubis (2.7.0)
    execjs (1.4.0)
      multi_json (~> 1.0)
    exlibris-aleph (1.0.6)
      activesupport (~> 3.2.12)
      builder (~> 3.0.0)
      httparty (~> 0.10.2)
      marc (~> 0.5.0)
      nokogiri (~> 1.5.6)
      rake (~> 10.0.3)
      require_all (~> 1.2.1)
    faraday (0.8.7)
      multipart-post (~> 1.1)
    faraday_middleware (0.9.0)
      faraday (>= 0.7.4, < 0.9)
    fattr (2.2.1)
    fssm (0.2.10)
    git (1.2.5)
    hashie (2.0.5)
    highline (1.6.19)
    hike (1.2.3)
    httparty (0.10.2)
      multi_json (~> 1.0)
      multi_xml (>= 0.5.2)
    i18n (0.6.1)
    institutions (0.0.5)
      git (~> 1.2.5)
      ipaddr_range_set (~> 0.10.0)
      rake
      rdoc
      require_all (~> 1.2.1)
    ipaddr_range_set (0.10.0)
    journey (1.0.4)
    jquery-rails (2.2.2)
      railties (>= 3.0, < 5.0)
      thor (>= 0.14, < 2.0)
    json (1.7.7)
    kaminari (0.14.1)
      actionpack (>= 3.0.0)
      activesupport (>= 3.0.0)
    libv8 (3.11.8.17)
    mail (2.5.4)
      mime-types (~> 1.16)
      treetop (~> 1.4.8)
    marc (0.5.1)
    mime-types (1.23)
    multi_json (1.7.7)
    multi_xml (0.5.4)
    multipart-post (1.2.0)
    mustache (0.99.4)
    mustache-rails (0.2.3)
      actionpack (>= 3.1)
      mustache (~> 0.99.4)
    mysql2 (0.3.11)
    net-scp (1.1.2)
      net-ssh (>= 2.6.5)
    net-sftp (2.1.2)
      net-ssh (>= 2.6.5)
    net-ssh (2.6.8)
    net-ssh-gateway (1.2.0)
      net-ssh (>= 2.6.5)
    netrc (0.7.7)
    newrelic_rpm (3.6.5.130)
    nokogiri (1.5.10)
    octokit (1.25.0)
      addressable (~> 2.2)
      faraday (~> 0.8)
      faraday_middleware (~> 0.9)
      hashie (~> 2.0)
      multi_json (~> 1.3)
      netrc (~> 0.7.7)
    open4 (1.3.0)
    options (2.3.0)
      fattr
    polyglot (0.3.3)
    pr_geohash (1.0.0)
    progress_bar (1.0.0)
      highline (~> 1.6.1)
      options (~> 2.3.0)
    rack (1.4.5)
    rack-cache (1.2)
      rack (>= 0.4)
    rack-ssl (1.3.3)
      rack
    rack-test (0.6.2)
      rack (>= 1.0)
    rails (3.2.13)
      actionmailer (= 3.2.13)
      actionpack (= 3.2.13)
      activerecord (= 3.2.13)
      activeresource (= 3.2.13)
      activesupport (= 3.2.13)
      bundler (~> 1.0)
      railties (= 3.2.13)
    rails_config (0.3.3)
      activesupport (>= 3.0)
    railties (3.2.13)
      actionpack (= 3.2.13)
      activesupport (= 3.2.13)
      rack-ssl (~> 1.3.2)
      rake (>= 0.8.7)
      rdoc (~> 3.4)
      thor (>= 0.14.6, < 2.0)
    rake (10.0.4)
    rdoc (3.12.2)
      json (~> 1.4)
    ref (1.0.5)
    require_all (1.2.1)
    rest-client (1.6.7)
      mime-types (>= 1.16)
    rsolr (1.0.9)
      builder (>= 2.1.2)
    rvm-capistrano (1.4.0)
      capistrano (>= 2.0.0)
    safe_yaml (0.9.4)
    sass (3.2.9)
    sass-rails (3.2.6)
      railties (~> 3.2.0)
      sass (>= 3.1.10)
      tilt (~> 1.3)
    simplecov (0.7.1)
      multi_json (~> 1.0)
      simplecov-html (~> 0.7.1)
    simplecov-html (0.7.1)
    simplecov-rcov (0.2.3)
      simplecov (>= 0.4.1)
    sprockets (2.2.2)
      hike (~> 1.2)
      multi_json (~> 1.0)
      rack (~> 1.0)
      tilt (~> 1.1, != 1.3.0)
    sunspot (2.0.0)
      pr_geohash (~> 1.0)
      rsolr (~> 1.0.7)
    sunspot_rails (2.0.0)
      nokogiri
      sunspot (= 2.0.0)
    sunspot_solr (2.0.0)
    therubyracer (0.11.4)
      libv8 (~> 3.11.8.12)
      ref
    thor (0.18.1)
    tilt (1.4.1)
    treetop (1.4.14)
      polyglot
      polyglot (>= 0.3.1)
    tzinfo (0.3.37)
    uglifier (2.1.1)
      execjs (>= 0.3.0)
      multi_json (~> 1.0, >= 1.0.2)
    unicode (0.4.4)
    vcr (2.4.0)
    webmock (1.11.0)
      addressable (>= 2.2.7)
      crack (>= 0.3.2)
    yui-compressor (0.9.6)
      POpen4 (>= 0.1.4)

PLATFORMS
  ruby

DEPENDENCIES
  acts-as-taggable-on (~> 2.4.0)
  authpds-nyu (~> 0.2.12)
  better_errors
  binding_of_caller
  blacklight (~> 4.2.1)
  coffee-rails (~> 3.2.1)
  comma (~> 3.0.4)
  compass-rails (~> 1.0.0)
  compass-susy-plugin (~> 0.9.0)
  coveralls (~> 0.6.2)
  dalli (~> 2.6.2)
  debugger
  jquery-rails (~> 2.2.1)
  json (~> 1.7.7)
  mustache-rails (~> 0.2.3)
  mysql2 (~> 0.3.11)
  newrelic_rpm (~> 3.6.0)
  nyulibraries_assets!
  progress_bar
  rails (~> 3.2.13)
  rails_config (~> 0.3.2)
  rake_nyu!
  sass-rails (~> 3.2.3)
  simplecov
  simplecov-rcov
  sunspot_rails (~> 2.0.0)
  sunspot_solr
  therubyracer (~> 0.11.4)
  uglifier (>= 1.0.3)
  unicode (~> 0.4.3)
  vcr (~> 2.4.0)
  webmock (~> 1.11.0)
  yui-compressor (~> 0.9.6)
